GEM
  remote: https://rubygems.org/
  specs:
    activesupport (4.0.0)
      i18n (~> 0.6, >= 0.6.4)
      minitest (~> 4.2)
      multi_json (~> 1.3)
      thread_safe (~> 0.1)
      tzinfo (~> 0.3.37)
    atomic (1.1.14)
    builder (3.2.2)
    diff-lcs (1.2.5)
    i18n (0.6.5)
    json (1.7.3)
    minitest (4.7.5)
    multi_json (1.8.2)
    rabl (0.9.3)
      activesupport (>= 2.3.14)
    rack (1.4.1)
    rack-protection (1.2.0)
      rack
    rack-test (0.6.2)
      rack (>= 1.0)
    rspec (2.14.1)
      rspec-core (~> 2.14.0)
      rspec-expectations (~> 2.14.0)
      rspec-mocks (~> 2.14.0)
    rspec-core (2.14.7)
    rspec-expectations (2.14.4)
      diff-lcs (>= 1.1.3, < 2.0)
    rspec-mocks (2.14.4)
    sinatra (1.3.2)
      rack (~> 1.3, >= 1.3.6)
      rack-protection (~> 1.2)
      tilt (~> 1.3, >= 1.3.3)
    thread_safe (0.1.3)
      atomic
    tilt (1.3.3)
    tzinfo (0.3.38)

PLATFORMS
  ruby

DEPENDENCIES
  activesupport (>= 3.2.5)
  builder
  json
  rabl
  rack-test
  rspec
  sinatra
